GEM
  remote: http://rubygems.org/
  specs:
    daemons (1.1.9)
    ethon (0.5.3)
      ffi (~> 1.0.11)
      mime-types (~> 1.18)
    eventmachine (1.0.0)
    ffi (1.0.11)
    mime-types (1.19)
    nokogiri (1.5.5)
    rack (1.4.1)
    rack-protection (1.2.0)
      rack
    sinatra (1.3.3)
      rack (~> 1.3, >= 1.3.6)
      rack-protection (~> 1.2)
      tilt (~> 1.3, >= 1.3.3)
    thin (1.5.0)
      daemons (>= 1.0.9)
      eventmachine (>= 0.12.6)
      rack (>= 1.0.0)
    tilt (1.3.3)
    typhoeus (0.5.1)
      ethon (= 0.5.3)

PLATFORMS
  ruby

DEPENDENCIES
  nokogiri (= 1.5.5)
  sinatra (= 1.3.3)
  thin
  typhoeus (= 0.5.1)
